GEM
  remote: https://rubygems.org/
  specs:
    graphql (1.9.7)
    mustermann (1.0.3)
    rack (2.0.7)
    rack-contrib (2.1.0)
      rack (~> 2.0)
    rack-graphiql (0.1.1)
    rack-protection (2.0.5)
      rack
    sinatra (2.0.5)
      mustermann (~> 1.0)
      rack (~> 2.0)
      rack-protection (= 2.0.5)
      tilt (~> 2.0)
    tilt (2.0.9)

PLATFORMS
  ruby

DEPENDENCIES
  graphql
  rack-contrib
  rack-graphiql
  sinatra

BUNDLED WITH
   2.0.2
